GEM
  remote: http://rubygems.org/
  specs:
    abstract (1.0.0)
    actionmailer (3.0.0)
      actionpack (= 3.0.0)
      mail (~> 2.2.5)
    actionpack (3.0.0)
      activemodel (= 3.0.0)
      activesupport (= 3.0.0)
      builder (~> 2.1.2)
      erubis (~> 2.6.6)
      i18n (~> 0.4.1)
      rack (~> 1.2.1)
      rack-mount (~> 0.6.12)
      rack-test (~> 0.5.4)
      tzinfo (~> 0.3.23)
    activemodel (3.0.0)
      activesupport (= 3.0.0)
      builder (~> 2.1.2)
      i18n (~> 0.4.1)
    activerecord (3.0.0)
      activemodel (= 3.0.0)
      activesupport (= 3.0.0)
      arel (~> 1.0.0)
      tzinfo (~> 0.3.23)
    activeresource (3.0.0)
      activemodel (= 3.0.0)
      activesupport (= 3.0.0)
    activesupport (3.0.0)
    addressable (2.2.1)
    arel (1.0.1)
      activesupport (~> 3.0.0)
    builder (2.1.2)
    erubis (2.6.6)
      abstract (>= 1.0.0)
    faraday (0.4.6)
      addressable (>= 2.1.1)
      rack (>= 1.0.1)
    fbgraph (0.1.6.1)
      hashie
      json
      oauth2
      rest-client
    haml (3.0.18)
    hashie (0.4.0)
    i18n (0.4.1)
    json (1.4.6-x86-mingw32)
    mail (2.2.5)
      activesupport (>= 2.3.6)
      mime-types
      treetop (>= 1.4.5)
    mime-types (1.16)
    multi_json (0.0.4)
    oauth2 (0.0.13)
      faraday (~> 0.4.1)
      multi_json (>= 0.0.4)
    polyglot (0.3.1)
    rack (1.2.1)
    rack-mount (0.6.13)
      rack (>= 1.0.0)
    rack-test (0.5.4)
      rack (>= 1.0)
    rails (3.0.0)
      actionmailer (= 3.0.0)
      actionpack (= 3.0.0)
      activerecord (= 3.0.0)
      activeresource (= 3.0.0)
      activesupport (= 3.0.0)
      bundler (~> 1.0.0)
      railties (= 3.0.0)
    railties (3.0.0)
      actionpack (= 3.0.0)
      activesupport (= 3.0.0)
      rake (>= 0.8.4)
      thor (~> 0.14.0)
    rake (0.8.7)
    rest-client (1.6.1)
      mime-types (>= 1.16)
    sqlite3-ruby (1.3.1-x86-mingw32)
    thor (0.14.0)
    treetop (1.4.8)
      polyglot (>= 0.3.1)
    tzinfo (0.3.23)

PLATFORMS
  java
  x86-mingw32

DEPENDENCIES
  fbgraph
  haml
  json
  oauth2
  rails (= 3.0.0)
  sqlite3-ruby
